GEM
  remote: https://rubygems.org/
  specs:
    akami (1.2.2)
      gyoku (>= 0.4.0)
      nokogiri
    awesome_print (1.2.0)
    builder (3.2.2)
    byebug (2.7.0)
      columnize (~> 0.3)
      debugger-linecache (~> 1.2)
    coderay (1.1.0)
    columnize (0.8.9)
    debugger-linecache (1.2.0)
    filewatcher (0.3.4)
      trollop (~> 2.0)
    gyoku (1.1.1)
      builder (>= 2.1.2)
    httpclient (2.3.4.1)
    httpi (2.1.0)
      rack
      rubyntlm (~> 0.3.2)
    macaddr (1.7.1)
      systemu (~> 2.6.2)
    method_source (0.8.2)
    mime-types (1.25.1)
    mini_portile (0.6.0)
    nokogiri (1.6.2.1)
      mini_portile (= 0.6.0)
    nori (2.4.0)
    pry (0.9.12.6)
      coderay (~> 1.0)
      method_source (~> 0.8)
      slop (~> 3.4)
    pry-byebug (1.3.2)
      byebug (~> 2.7)
      pry (~> 0.9.12)
    rack (1.5.2)
    rubyntlm (0.3.4)
    savon (2.5.1)
      akami (~> 1.2.0)
      builder (>= 2.1.2)
      gyoku (~> 1.1.0)
      httpi (~> 2.1.0)
      nokogiri (>= 1.4.0)
      nori (~> 2.4.0)
      uuid (~> 2.3.7)
      wasabi (~> 3.3.0)
    slop (3.5.0)
    sonos (0.3.5)
      httpclient
      nokogiri
      savon (~> 2.0)
      thor
    systemu (2.6.4)
    thor (0.19.1)
    trollop (2.0)
    uuid (2.3.7)
      macaddr (~> 1.0)
    wasabi (3.3.0)
      httpi (~> 2.0)
      mime-types (< 2.0.0)
      nokogiri (>= 1.4.0)

PLATFORMS
  ruby

DEPENDENCIES
  awesome_print
  filewatcher
  pry-byebug
  sonos
